GEM
  remote: http://rubygems.org/
  specs:
    ZenTest (4.4.0)
    activesupport (2.3.9)
    diff-lcs (1.1.2)
    mime-types (1.16)
    polyglot (0.3.1)
    rake (0.8.7)
    rcov (0.9.8)
    rspec (1.3.0)
    treetop (1.4.8)
      polyglot (>= 0.3.1)

PLATFORMS
  ruby

DEPENDENCIES
  ZenTest (~> 4.4.0)
  activesupport (~> 2.3.6.pre)
  bundler
  diff-lcs
  mime-types (~> 1.16)
  rake (~> 0.8.7)
  rcov (~> 0.9.8)
  rspec (~> 1.3.0)
  treetop (~> 1.4.8)
